GEM
  remote: https://rubygems.org/
  specs:
    bigdecimal (3.1.5)
    byebug (11.1.3)
    coderay (1.1.3)
    erubi (1.12.0)
    method_source (1.0.0)
    nio4r (2.7.0)
    oj (3.16.3)
      bigdecimal (>= 3.0)
    pg (1.5.4)
    pry (0.14.2)
      coderay (~> 1.1)
      method_source (~> 1.0)
    pry-byebug (3.10.1)
      byebug (~> 11.0)
      pry (>= 0.13, < 0.15)
    puma (6.4.0)
      nio4r (~> 2.0)
    rack (3.0.8)
    roda (3.75.0)
      rack
    sequel (5.75.0)
      bigdecimal
    sequel_pg (1.17.1)
      pg (>= 0.18.0, != 1.2.0)
      sequel (>= 4.38.0)
    tilt (2.3.0)

PLATFORMS
  x86_64-linux

DEPENDENCIES
  erubi (~> 1.12)
  oj (~> 3.14)
  pg (~> 1.5)
  pry (~> 0.14)
  pry-byebug (~> 3.10)
  puma (~> 6.2)
  roda (~> 3.66)
  sequel (~> 5.67)
  sequel_pg (~> 1.17)
  tilt (~> 2.1)

RUBY VERSION
   ruby 3.3.0.dev

BUNDLED WITH
   2.4.21
